PATH
  remote: .
  specs:
    json_requester (1.0.1)
      faraday (~> 1.0.0)

GEM
  remote: https://rubygems.org/
  specs:
    faraday (1.0.1)
      multipart-post (>= 1.2, < 3)
    multipart-post (2.1.1)

PLATFORMS
  ruby

DEPENDENCIES
  faraday
  json_requester!

BUNDLED WITH
   1.17.2
