PATH
  remote: .
  specs:
    requester (0.1.0)

GEM
  remote: https://rubygems.org/
  specs:
    faraday (0.15.4)
      multipart-post (>= 1.2, < 3)
    multipart-post (2.1.1)

PLATFORMS
  ruby

DEPENDENCIES
  faraday
  requester!

BUNDLED WITH
   1.17.2
